GEM
  remote: https://rubygems.org/
  specs:
    ast (2.4.0)
    coderay (1.1.1)
    diff-lcs (1.2.5)
    jaro_winkler (1.5.2)
    method_source (0.8.2)
    parallel (1.17.0)
    parser (2.6.3.0)
      ast (~> 2.4.0)
    pry (0.10.4)
      coderay (~> 1.1.0)
      method_source (~> 0.8.1)
      slop (~> 3.4)
    rainbow (3.0.0)
    rspec (3.4.0)
      rspec-core (~> 3.4.0)
      rspec-expectations (~> 3.4.0)
      rspec-mocks (~> 3.4.0)
    rspec-core (3.4.1)
      rspec-support (~> 3.4.0)
    rspec-expectations (3.4.0)
      diff-lcs (>= 1.2.0, < 2.0)
      rspec-support (~> 3.4.0)
    rspec-mocks (3.4.0)
      diff-lcs (>= 1.2.0, < 2.0)
      rspec-support (~> 3.4.0)
    rspec-support (3.4.1)
    rubocop (0.68.1)
      jaro_winkler (~> 1.5.1)
      parallel (~> 1.10)
      parser (>= 2.5, != 2.5.1.1)
      rainbow (>= 2.2.2, < 4.0)
      ruby-progressbar (~> 1.7)
      unicode-display_width (>= 1.4.0, < 1.6)
    rubocop-rspec (1.32.0)
      rubocop (>= 0.60.0)
    ruby-progressbar (1.10.0)
    slop (3.6.0)
    unicode-display_width (1.5.0)

PLATFORMS
  ruby

DEPENDENCIES
  pry
  rspec
  rubocop
  rubocop-rspec

RUBY VERSION
   ruby 2.6.3p62

BUNDLED WITH
   1.17.2
